GEM
  remote: https://rubygems.org/
  specs:
    activesupport (3.2.13)
      i18n (= 0.6.1)
      multi_json (~> 1.0)
    biodiversity (3.1.0)
      parallel
      parallel (~> 0.6)
      rake (~> 10.0)
      treetop
      treetop (~> 1.4)
      unicode_utils (~> 1.4)
    builder (3.2.0)
    columnize (0.3.6)
    cucumber (1.3.1)
      builder (>= 2.1.2)
      diff-lcs (>= 1.1.3)
      gherkin (~> 2.12.0)
      multi_json (~> 1.3)
    damerau-levenshtein (0.5.4)
    debugger (1.5.0)
      columnize (>= 0.3.1)
      debugger-linecache (~> 1.2.0)
      debugger-ruby_core_source (~> 1.2.0)
    debugger-linecache (1.2.0)
    debugger-ruby_core_source (1.2.0)
    diff-lcs (1.2.4)
    gherkin (2.12.0)
      multi_json (~> 1.3)
    git (1.2.5)
    i18n (0.6.1)
    jeweler (1.8.4)
      bundler (~> 1.0)
      git (>= 1.2.5)
      rake
      rdoc
    json (1.7.7)
    metaclass (0.0.1)
    mocha (0.13.3)
      metaclass (~> 0.0.1)
    multi_json (1.7.3)
    parallel (0.7.0)
    polyglot (0.3.3)
    rake (10.0.4)
    rake-compiler (0.8.3)
      rake
    rdoc (4.0.1)
      json (~> 1.4)
    rspec (2.13.0)
      rspec-core (~> 2.13.0)
      rspec-expectations (~> 2.13.0)
      rspec-mocks (~> 2.13.0)
    rspec-core (2.13.1)
    rspec-expectations (2.13.0)
      diff-lcs (>= 1.1.3, < 2.0)
    rspec-mocks (2.13.1)
    ruby-prof (0.13.0)
    shoulda (3.5.0)
      shoulda-context (~> 1.0, >= 1.0.1)
      shoulda-matchers (>= 1.4.1, < 3.0)
    shoulda-context (1.1.1)
    shoulda-matchers (2.1.0)
      activesupport (>= 3.0.0)
    treetop (1.4.14)
      polyglot
      polyglot (>= 0.3.1)
    unicode_utils (1.4.0)

PLATFORMS
  ruby

DEPENDENCIES
  biodiversity (~> 3.1.0)
  bundler (~> 1.3)
  cucumber (~> 1.3)
  damerau-levenshtein (~> 0.5.4)
  debugger (~> 1.5)
  jeweler (~> 1.8)
  json (~> 1.7.7)
  mocha (~> 0.13)
  rake (~> 10.0)
  rake-compiler (~> 0.8)
  rspec (~> 2.13)
  ruby-prof (~> 0.13)
  shoulda (~> 3.5)
